GEM
  remote: https://rubygems.org/
  specs:
    gosu (0.11.1)
    minitest (5.10.1)

PLATFORMS
  ruby

DEPENDENCIES
  gosu
  minitest

BUNDLED WITH
   1.14.4
